GEM
  remote: http://rubygems.org/
  specs:
    activesupport (5.2.1)
      concurrent-ruby (~> 1.0, >= 1.0.2)
      i18n (>= 0.7, < 2)
      minitest (~> 5.1)
      tzinfo (~> 1.1)
    backports (3.11.4)
    bigdecimal (1.3.4)
    bundler-unload (1.0.2)
    cmath (1.0.0)
    concurrent-ruby (1.0.5)
    csv (1.0.0)
    daemons (1.2.6)
    date (1.0.0)
    did_you_mean (1.2.0)
    etc (1.0.0)
    eventmachine (1.2.7)
    executable-hooks (1.5.0)
    fcntl (1.0.0)
    fiddle (1.0.0)
    fileutils (1.0.2)
    gdbm (2.0.0)
    gem-wrappers (1.4.0)
    i18n (1.1.1)
      concurrent-ruby (~> 1.0)
    io-console (0.4.6)
    ipaddr (1.2.0)
    json (2.1.0)
    kgio (2.11.2)
    mail (2.7.1)
      mini_mime (>= 0.1.1)
    mini_mime (1.0.1)
    minitest (5.10.3)
    multi_json (1.13.1)
    mustermann (1.0.3)
    net-telnet (0.1.1)
    openssl (2.1.0)
    power_assert (1.1.1)
    psych (3.0.2)
    rack (2.1.4)
    rack-protection (2.0.4)
      rack
    raindrops (0.19.0)
    rake (12.3.0)
    rdoc (6.0.1)
    rubygems-bundler (1.4.5)
      bundler-unload (>= 1.0.2)
      executable-hooks (>= 1.5.0)
    rvm (1.11.3.9)
    scanf (1.0.0)
    sdbm (1.0.0)
    sinatra (2.0.4)
      mustermann (~> 1.0)
      rack (~> 2.0)
      rack-protection (= 2.0.4)
      tilt (~> 2.0)
    sinatra-contrib (2.0.4)
      activesupport (>= 4.0.0)
      backports (>= 2.8.2)
      multi_json
      mustermann (~> 1.0)
      rack-protection (= 2.0.4)
      sinatra (= 2.0.4)
      tilt (>= 1.3, < 3)
    sinatra-flash (0.3.0)
      sinatra (>= 1.0.0)
    sinatra-formhelpers-ng (1.9.1)
    sinatra-session (1.0.0)
      sinatra (>= 1.0)
    spork (0.9.2)
    stringio (0.0.1)
    strscan (1.0.0)
    test-unit (3.2.7)
      power_assert
    thin (1.7.2)
      daemons (~> 1.0, >= 1.0.9)
      eventmachine (~> 1.0, >= 1.0.4)
      rack (>= 1, < 3)
    thread_safe (0.3.6)
    tilt (2.0.8)
    tzinfo (1.2.5)
      thread_safe (~> 0.1)
    unicorn (5.4.1)
      kgio (~> 2.6)
      raindrops (~> 0.7)
    webrick (1.4.2)
    xmlrpc (0.3.0)
    zlib (1.0.0)

PLATFORMS
  ruby

DEPENDENCIES
  activesupport (= 5.2.1)
  backports (= 3.11.4)
  bigdecimal (= 1.3.4)
  bundler-unload (= 1.0.2)
  cmath (= 1.0.0)
  concurrent-ruby (= 1.0.5)
  csv (= 1.0.0)
  daemons (= 1.2.6)
  date (= 1.0.0)
  did_you_mean (= 1.2.0)
  etc (= 1.0.0)
  eventmachine (= 1.2.7)
  executable-hooks (= 1.5.0)
  fcntl (= 1.0.0)
  fiddle (= 1.0.0)
  fileutils (= 1.0.2)
  gdbm (= 2.0.0)
  gem-wrappers (= 1.4.0)
  i18n (= 1.1.1)
  io-console (= 0.4.6)
  ipaddr (= 1.2.0)
  json (= 2.1.0)
  kgio (= 2.11.2)
  mail (= 2.7.1)
  mini_mime (= 1.0.1)
  minitest (= 5.10.3)
  multi_json (= 1.13.1)
  mustermann (= 1.0.3)
  net-telnet (= 0.1.1)
  openssl (= 2.1.0)
  power_assert (= 1.1.1)
  psych (= 3.0.2)
  rack (= 2.1.4)
  rack-protection (= 2.0.4)
  raindrops (= 0.19.0)
  rake (= 12.3.0)
  rdoc (= 6.0.1)
  rubygems-bundler (= 1.4.5)
  rvm (= 1.11.3.9)
  scanf (= 1.0.0)
  sdbm (= 1.0.0)
  sinatra (= 2.0.4)
  sinatra-contrib (= 2.0.4)
  sinatra-flash (= 0.3.0)
  sinatra-formhelpers-ng (= 1.9.1)
  sinatra-session (= 1.0.0)
  spork (= 0.9.2)
  stringio (= 0.0.1)
  strscan (= 1.0.0)
  test-unit (= 3.2.7)
  thin (= 1.7.2)
  thread_safe (= 0.3.6)
  tilt (= 2.0.8)
  tzinfo (= 1.2.5)
  unicorn (= 5.4.1)
  webrick (= 1.4.2)
  xmlrpc (= 0.3.0)
  zlib (= 1.0.0)

BUNDLED WITH
   2.0.2
